GEM
  remote: http://rubygems.org/
  specs:
    net-http (0.1.1)
      net-protocol
      uri
    net-protocol (0.1.0)
    nokogiri (1.13.6-x86_64-linux)
      racc (~> 1.4)
    racc (1.6.0)
    rubyXL (3.4.23)
      nokogiri (>= 1.10.8)
      rubyzip (>= 1.3.0)
    rubyzip (2.3.2)
    uri (0.10.1)

PLATFORMS
  x86_64-linux

DEPENDENCIES
  net-http
  nokogiri
  rubyXL (~> 3.3, >= 3.3.21)

BUNDLED WITH
   2.2.3
